GEM
  remote: http://rubygems.org/
  specs:
    SystemTimer (1.2.3)
    columnize (0.3.4)
    flay (1.4.3)
      ruby_parser (~> 2.0)
      sexp_processor (~> 3.0)
    flog (2.5.3)
      ruby_parser (~> 2.0)
      sexp_processor (~> 3.0)
    foreman (0.41.0)
      thor (>= 0.13.6)
    hike (1.2.1)
    json (1.4.6)
    linecache (0.46)
      rbx-require-relative (> 0.0.4)
    metaclass (0.0.1)
    mocha (0.10.0)
      metaclass (~> 0.0.1)
    multi_json (1.1.0)
    mustache (0.99.4)
    rack (1.4.1)
    rack-protection (1.2.0)
      rack
    rack-test (0.6.1)
      rack (>= 1.0)
    rake (0.8.7)
    rbx-require-relative (0.0.5)
    redgreen (1.2.2)
    redis (2.2.2)
    redis-namespace (1.0.3)
      redis (< 3.0.0)
    resque (1.15.0)
      json (~> 1.4.6)
      redis-namespace (>= 0.10.0)
      sinatra (>= 0.9.2)
      vegas (~> 0.1.2)
    ruby-debug (0.10.4)
      columnize (>= 0.1)
      ruby-debug-base (~> 0.10.4.0)
    ruby-debug-base (0.10.4)
      linecache (>= 0.3)
    ruby_parser (2.3.1)
      sexp_processor (~> 3.0)
    rugged (0.16.0)
    sexp_processor (3.1.0)
    shamazing (0.0.4)
    shotgun (0.9)
      rack (>= 1.0)
    sinatra (1.3.2)
      rack (~> 1.3, >= 1.3.6)
      rack-protection (~> 1.2)
      tilt (~> 1.3, >= 1.3.3)
    sprockets (2.3.1)
      hike (~> 1.2)
      multi_json (~> 1.0)
      rack (~> 1.0)
      tilt (~> 1.1, != 1.3.0)
    thor (0.14.6)
    tilt (1.3.3)
    vegas (0.1.8)
      rack (>= 1.0.0)
    yajl-ruby (1.1.0)

PLATFORMS
  ruby

DEPENDENCIES
  SystemTimer
  flay
  flog
  foreman
  mocha
  mustache
  rack-test
  rake
  redgreen
  redis
  resque
  ruby-debug
  ruby_parser
  rugged
  shamazing
  shotgun
  sinatra
  sprockets
  yajl-ruby
